GEM
  remote: https://rubygems.org/
  specs:
    activesupport (6.1.7.5)
      concurrent-ruby (~> 1.0, >= 1.0.2)
      i18n (>= 1.6, < 2)
      minitest (>= 5.1)
      tzinfo (~> 2.0)
      zeitwerk (~> 2.3)
    concurrent-ruby (1.2.2)
    debase (0.2.2.beta6)
      debase-ruby_core_source
    debase-ruby_core_source (0.8.4)
    diff-lcs (1.2.5)
    docile (1.1.5)
    i18n (1.14.1)
      concurrent-ruby (~> 1.0)
    json (1.8.3)
    minitest (5.20.0)
    rspec (3.4.0)
      rspec-core (~> 3.4.0)
      rspec-expectations (~> 3.4.0)
      rspec-mocks (~> 3.4.0)
    rspec-core (3.4.3)
      rspec-support (~> 3.4.0)
    rspec-expectations (3.4.0)
      diff-lcs (>= 1.2.0, < 2.0)
      rspec-support (~> 3.4.0)
    rspec-mocks (3.4.1)
      diff-lcs (>= 1.2.0, < 2.0)
      rspec-support (~> 3.4.0)
    rspec-support (3.4.1)
    simplecov (0.11.2)
      docile (~> 1.1.0)
      json (~> 1.8)
      simplecov-html (~> 0.10.0)
    simplecov-html (0.10.0)
    tzinfo (2.0.6)
      concurrent-ruby (~> 1.0)
    zeitwerk (2.6.12)

PLATFORMS
  ruby

DEPENDENCIES
  activesupport
  debase (= 0.2.2.beta6)
  json
  rspec
  simplecov

BUNDLED WITH
   1.11.2
