GEM
  remote: https://rubygems.org/
  specs:
    debase (0.2.2.beta6)
      debase-ruby_core_source
    debase-ruby_core_source (0.8.4)
    diff-lcs (1.2.5)
    json (1.8.3)
    rake (10.5.0)
    rspec (3.4.0)
      rspec-core (~> 3.4.0)
      rspec-expectations (~> 3.4.0)
      rspec-mocks (~> 3.4.0)
    rspec-core (3.4.3)
      rspec-support (~> 3.4.0)
    rspec-expectations (3.4.0)
      diff-lcs (>= 1.2.0, < 2.0)
      rspec-support (~> 3.4.0)
    rspec-mocks (3.4.1)
      diff-lcs (>= 1.2.0, < 2.0)
      rspec-support (~> 3.4.0)
    rspec-support (3.4.1)

PLATFORMS
  ruby

DEPENDENCIES
  debase (= 0.2.2.beta6)
  json
  rake
  rspec

BUNDLED WITH
   1.11.2
